PATH
  remote: .
  specs:
    autoperf (1.0.1)
      httperfrb
      ruport

GEM
  remote: https://rubygems.org/
  specs:
    coderay (1.0.9)
    color (1.4.1)
    fastercsv (1.5.5)
    httperfrb (0.3.11)
      open4
    method_source (0.8.1)
    open4 (1.3.0)
    pdf-writer (1.1.8)
      color (>= 1.4.0)
      transaction-simple (~> 1.3)
    pry (0.9.12)
      coderay (~> 1.0.5)
      method_source (~> 0.8)
      slop (~> 3.4)
    pry-doc (0.4.5)
      pry (>= 0.9)
      yard (>= 0.8)
    rake (10.0.4)
    ruport (1.6.3)
      fastercsv
      pdf-writer (= 1.1.8)
    slop (3.4.4)
    transaction-simple (1.4.0.2)
    yard (0.8.5.2)

PLATFORMS
  ruby

DEPENDENCIES
  autoperf!
  pry
  pry-doc
  rake
